PATH
  remote: .
  specs:
    tenios (0.2.0)

GEM
  remote: https://rubygems.org/
  specs:
    ast (2.4.0)
    carwow_rubocop (2.1.1)
      rubocop (~> 0.58)
      rubocop-rspec (~> 1.28)
    diff-lcs (1.4.4)
    jaro_winkler (1.5.2)
    parallel (1.13.0)
    parser (2.6.0.0)
      ast (~> 2.4.0)
    powerpack (0.1.2)
    rainbow (3.0.0)
    rake (13.0.1)
    rspec (3.9.0)
      rspec-core (~> 3.9.0)
      rspec-expectations (~> 3.9.0)
      rspec-mocks (~> 3.9.0)
    rspec-core (3.9.2)
      rspec-support (~> 3.9.3)
    rspec-expectations (3.9.2)
      diff-lcs (>= 1.2.0, < 2.0)
      rspec-support (~> 3.9.0)
    rspec-mocks (3.9.1)
      diff-lcs (>= 1.2.0, < 2.0)
      rspec-support (~> 3.9.0)
    rspec-support (3.9.3)
    rubocop (0.63.1)
      jaro_winkler (~> 1.5.1)
      parallel (~> 1.10)
      parser (>= 2.5, != 2.5.1.1)
      powerpack (~> 0.1)
      rainbow (>= 2.2.2, < 4.0)
      ruby-progressbar (~> 1.7)
      unicode-display_width (~> 1.4.0)
    rubocop-rspec (1.32.0)
      rubocop (>= 0.60.0)
    ruby-progressbar (1.10.0)
    unicode-display_width (1.4.1)

PLATFORMS
  ruby

DEPENDENCIES
  bundler (~> 2)
  carwow_rubocop
  rake
  rspec
  tenios!

BUNDLED WITH
   2.0.2
